PATH
  remote: .
  specs:
    PageRankr (1.5.1)
      json (>= 1.4.6)
      nokogiri (>= 1.4.1)

GEM
  remote: http://rubygems.org/
  specs:
    json (1.4.6)
    nokogiri (1.4.3.1)
    shoulda (2.11.3)

PLATFORMS
  ruby

DEPENDENCIES
  PageRankr!
  json (>= 1.4.6)
  nokogiri (>= 1.4.1)
  shoulda
